Brain Vision Data Exchange Header File Version 1.0
; Data created from history path: 01_wangyongtao_run1/Raw Data/New Reference/OcularCorrection/Raw Data Inspection/Filters/Segmentation/BaselineCorrection/Average

[Common Infos]
Codepage=UTF-8
DataFile=sample.dat
MarkerFile=sample.vmrk
DataFormat=ASCII
; Data orientation: VECTORIZED=ch1,pt1, ch1,pt2..., MULTIPLEXED=ch1,pt1, ch2,pt1 ...
DataOrientation=MULTIPLEXED
DataType=TIMEDOMAIN
NumberOfChannels=64
DataPoints=500
; Sampling interval in microseconds if time domain (convert to Hertz:
; 1000000 / SamplingInterval) or in Hertz if frequency domain:
SamplingInterval=2000
SegmentationType=MARKERBASED
SegmentDataPoints=500
Averaged=YES
AveragedSegments=30

[ASCII Infos]
; Decimal symbol for floating point numbers: the header file always uses a dot (.),
; however the data file might use a different one
DecimalSymbol=.
; SkipLines, SkipColumns: leading lines and columns with additional informations.
SkipLines=1
SkipColumns=0

[Channel Infos]
; Each entry: Ch<Channel number>=<Name>,<Reference channel name>,
; <Resolution in "Unit">,<Unit>, Future extensions...
; Fields are delimited by commas, some fields might be omited (empty).
; Commas in channel names are coded as "\1".
Ch1=Fp1,,,µV
Ch2=Fp2,,,µV
Ch3=F3,,,µV
Ch4=F4,,,µV
Ch5=C3,,,µV
Ch6=C4,,,µV
Ch7=P3,,,µV
Ch8=P4,,,µV
Ch9=O1,,,µV
Ch10=O2,,,µV
Ch11=F7,,,µV
Ch12=F8,,,µV
Ch13=T7,,,µV
Ch14=T8,,,µV
Ch15=P7,,,µV
Ch16=P8,,,µV
Ch17=Fz,,,µV
Ch18=Cz,,,µV
Ch19=Pz,,,µV
Ch20=IO,,,µV
Ch21=FC1,,,µV
Ch22=FC2,,,µV
Ch23=CP1,,,µV
Ch24=CP2,,,µV
Ch25=FC5,,,µV
Ch26=FC6,,,µV
Ch27=CP5,,,µV
Ch28=CP6,,,µV
Ch29=FT9,,,µV
Ch30=FT10,,,µV
Ch31=TP9,,,µV
Ch32=TP10,,,µV
Ch33=F1,,,µV
Ch34=F2,,,µV
Ch35=C1,,,µV
Ch36=C2,,,µV
Ch37=P1,,,µV
Ch38=P2,,,µV
Ch39=AF3,,,µV
Ch40=AF4,,,µV
Ch41=FC3,,,µV
Ch42=FC4,,,µV
Ch43=CP3,,,µV
Ch44=CP4,,,µV
Ch45=PO3,,,µV
Ch46=PO4,,,µV
Ch47=F5,,,µV
Ch48=F6,,,µV
Ch49=C5,,,µV
Ch50=C6,,,µV
Ch51=P5,,,µV
Ch52=P6,,,µV
Ch53=AF7,,,µV
Ch54=AF8,,,µV
Ch55=FT7,,,µV
Ch56=FT8,,,µV
Ch57=TP7,,,µV
Ch58=TP8,,,µV
Ch59=PO7,,,µV
Ch60=PO8,,,µV
Ch61=Fpz,,,µV
Ch62=CPz,,,µV
Ch63=POz,,,µV
Ch64=Oz,,,µV

[Coordinates]
; Each entry: Ch<Channel number>=<Radius>,<Theta>,<Phi>
Ch1=1,-90,-72
Ch2=1,90,72
Ch3=1,-60,-51
Ch4=1,60,51
Ch5=1,-45,0
Ch6=1,45,0
Ch7=1,-60,51
Ch8=1,60,-51
Ch9=1,-90,72
Ch10=1,90,-72
Ch11=1,-90,-36
Ch12=1,90,36
Ch13=1,-90,0
Ch14=1,90,0
Ch15=1,-90,36
Ch16=1,90,-36
Ch17=1,45,90
Ch18=1,0,0
Ch19=1,45,-90
Ch20=0,0,0
Ch21=1,-31,-46
Ch22=1,31,46
Ch23=1,-31,46
Ch24=1,31,-46
Ch25=1,-69,-21
Ch26=1,69,21
Ch27=1,-69,21
Ch28=1,69,-21
Ch29=1,-113,-18
Ch30=1,113,18
Ch31=1,-113,18
Ch32=1,113,-18
Ch33=1,-49,-68
Ch34=1,49,68
Ch35=1,-23,0
Ch36=1,23,0
Ch37=1,-49,68
Ch38=1,49,-68
Ch39=1,-74,-68
Ch40=1,74,68
Ch41=1,-49,-29
Ch42=1,49,29
Ch43=1,-49,29
Ch44=1,49,-29
Ch45=1,-74,68
Ch46=1,74,-68
Ch47=1,-74,-41
Ch48=1,74,41
Ch49=1,-68,0
Ch50=1,68,0
Ch51=1,-74,41
Ch52=1,74,-41
Ch53=1,-90,-54
Ch54=1,90,54
Ch55=1,-90,-18
Ch56=1,90,18
Ch57=1,-90,18
Ch58=1,90,-18
Ch59=1,-90,54
Ch60=1,90,-54
Ch61=1,90,90
Ch62=1,22,-90
Ch63=1,67,-90
Ch64=1,90,-90
